GEM
  remote: https://rubygems.org/
  specs:
    puma (3.4.0)
    rack (2.0.8)

PLATFORMS
  ruby

DEPENDENCIES
  puma
  rack (>= 1.6.12)

BUNDLED WITH
   1.17.3
